GIT
  remote: https://github.com/mybooking-es/data_objects
  revision: e7a987f52d9c62737d0383617ca8269c445a2179
  specs:
    data_objects (0.10.17)
      addressable (~> 2.1)

GIT
  remote: https://github.com/mybooking-es/dm-active_model
  revision: bf7232c3a7808e2453cf4d61e9375d4ac63627d9
  specs:
    dm-active_model (1.3.0.beta)
      activemodel (>= 3.0, < 7.0)
      dm-core (~> 1.2, >= 1.2.0)

GIT
  remote: https://github.com/mybooking-es/dm-aggregates
  revision: 12499f782bc4f24d530f632796e59568ec4a21c6
  specs:
    dm-aggregates (1.2.0)
      dm-core (~> 1.2.0)

GIT
  remote: https://github.com/mybooking-es/dm-constraints
  revision: ddadfb333ebf54f084889b373a97fd0860c821e3
  specs:
    dm-constraints (1.2.0)
      dm-core (~> 1.2.0)

GIT
  remote: https://github.com/mybooking-es/dm-core
  revision: 0c359dac1b6c3bc4d585b60ec1c6918f344eff18
  specs:
    dm-core (1.2.1)
      addressable (~> 2.3)

GIT
  remote: https://github.com/mybooking-es/dm-do-adapter
  revision: 15a1d5086ca2ec202404ea98fbe435b9fff078bf
  specs:
    dm-do-adapter (1.2.0)
      data_objects (~> 0.10.6)
      dm-core (~> 1.2.0)

GIT
  remote: https://github.com/mybooking-es/dm-migrations
  revision: 5e03369233d83299ab1198d35653591706c9ebf5
  specs:
    dm-migrations (1.2.0)
      dm-core (~> 1.2.0)

GIT
  remote: https://github.com/mybooking-es/dm-serializer
  revision: 55fdd0f2f5043f0eb810adb87a0b54bd626575c1
  specs:
    dm-serializer (1.2.2)
      dm-core (~> 1.2.0)
      fastercsv (~> 1.5)
      json (~> 2.6)
      json_pure (~> 2.6)
      multi_json (~> 1.0)

GIT
  remote: https://github.com/mybooking-es/dm-sqlite-adapter
  revision: e0cb4f6dcb138a6ccd246fce2b9473b82b469344
  specs:
    dm-sqlite-adapter (1.2.0)
      dm-do-adapter (~> 1.2.0)
      do_sqlite3 (~> 0.10.6)

GIT
  remote: https://github.com/mybooking-es/dm-transactions
  revision: bccb594bc7dd18845974da34bfaf3ac2e01747ec
  specs:
    dm-transactions (1.2.0)
      dm-core (~> 1.2.0)

GIT
  remote: https://github.com/mybooking-es/dm-types
  revision: 3a1c6268d859c4388a5448883e42ed7ca670dbf5
  specs:
    dm-types (1.2.2)
      bcrypt-ruby (~> 3.0)
      dm-core (~> 1.2.0)
      fastercsv (~> 1.5)
      json (~> 2.6)
      multi_json (~> 1.0)
      stringex (~> 1.4)
      uuidtools (~> 2.1)

GIT
  remote: https://github.com/mybooking-es/do_sqlite3
  revision: 9de8839e9eee54349657f5352d887e1875885a68
  specs:
    do_sqlite3 (0.10.17)
      data_objects (= 0.10.17)

GEM
  remote: https://rubygems.org/
  specs:
    activemodel (6.1.7.10)
      activesupport (= 6.1.7.10)
    activesupport (6.1.7.10)
      concurrent-ruby (~> 1.0, >= 1.0.2)
      i18n (>= 1.6, < 2)
      minitest (>= 5.1)
      tzinfo (~> 2.0)
      zeitwerk (~> 2.3)
    addressable (2.8.7)
      public_suffix (>= 2.0.2, < 7.0)
    base64 (0.3.0)
    bcrypt (3.1.20)
    bcrypt-ruby (3.1.5)
      bcrypt (>= 3.1.3)
    bigdecimal (3.2.2)
    concurrent-ruby (1.3.5)
    crack (1.0.0)
      bigdecimal
      rexml
    csv (3.3.5)
    data_mapper (1.2.0)
      dm-aggregates (~> 1.2.0)
      dm-constraints (~> 1.2.0)
      dm-core (~> 1.2.0)
      dm-migrations (~> 1.2.0)
      dm-serializer (~> 1.2.0)
      dm-timestamps (~> 1.2.0)
      dm-transactions (~> 1.2.0)
      dm-types (~> 1.2.0)
      dm-validations (~> 1.2.0)
    database_cleaner (1.8.5)
    database_cleaner-data_mapper (1.8.0)
      database_cleaner (~> 1.8.0)
      datamapper
      dm-transactions
    datamapper (1.2.0)
      dm-aggregates (~> 1.2.0)
      dm-constraints (~> 1.2.0)
      dm-core (~> 1.2.0)
      dm-migrations (~> 1.2.0)
      dm-serializer (~> 1.2.0)
      dm-timestamps (~> 1.2.0)
      dm-transactions (~> 1.2.0)
      dm-types (~> 1.2.0)
      dm-validations (~> 1.2.0)
    date (3.4.1)
    debug (1.11.0)
      irb (~> 1.10)
      reline (>= 0.3.8)
    diff-lcs (1.6.2)
    dm-observer (1.2.0)
      dm-core (~> 1.2.0)
    dm-rspec (0.3.0)
      dm-core
      dm-validations
    dm-timestamps (1.2.0)
      dm-core (~> 1.2.0)
    dm-validations (1.2.0)
      dm-core (~> 1.2.0)
    dotenv (3.1.8)
    erb (5.0.2)
    factory_bot (6.5.5)
      activesupport (>= 6.1.0)
    fastercsv (1.5.5)
    hashdiff (1.2.0)
    i18n (1.14.7)
      concurrent-ruby (~> 1.0)
    io-console (0.8.1)
    irb (1.15.2)
      pp (>= 0.6.0)
      rdoc (>= 4.0.0)
      reline (>= 0.4.2)
    json (2.13.2)
    json_pure (2.8.1)
    minitest (5.25.5)
    multi_json (1.17.0)
    mustermann (3.0.4)
      ruby2_keywords (~> 0.0.1)
    mutex_m (0.3.0)
    nio4r (2.7.4)
    pp (0.6.2)
      prettyprint
    prettyprint (0.2.0)
    psych (5.2.6)
      date
      stringio
    public_suffix (6.0.2)
    puma (6.6.1)
      nio4r (~> 2.0)
    rack (2.2.17)
    rack-protection (3.2.0)
      base64 (>= 0.1.0)
      rack (~> 2.2, >= 2.2.4)
    rack-test (2.2.0)
      rack (>= 1.3)
    rdoc (6.14.2)
      erb
      psych (>= 4.0.0)
    reline (0.6.2)
      io-console (~> 0.5)
    rexml (3.4.1)
    rspec (3.13.1)
      rspec-core (~> 3.13.0)
      rspec-expectations (~> 3.13.0)
      rspec-mocks (~> 3.13.0)
    rspec-core (3.13.5)
      rspec-support (~> 3.13.0)
    rspec-expectations (3.13.5)
      diff-lcs (>= 1.2.0, < 2.0)
      rspec-support (~> 3.13.0)
    rspec-its (2.0.0)
      rspec-core (>= 3.13.0)
      rspec-expectations (>= 3.13.0)
    rspec-mocks (3.13.5)
      diff-lcs (>= 1.2.0, < 2.0)
      rspec-support (~> 3.13.0)
    rspec-support (3.13.5)
    ruby2_keywords (0.0.5)
    sinatra (3.2.0)
      mustermann (~> 3.0)
      rack (~> 2.2, >= 2.2.4)
      rack-protection (= 3.2.0)
      tilt (~> 2.0)
    sinatra-contrib (3.2.0)
      multi_json (>= 0.0.2)
      mustermann (~> 3.0)
      rack-protection (= 3.2.0)
      sinatra (= 3.2.0)
      tilt (~> 2.0)
    sqlite3 (2.4.1-aarch64-linux-gnu)
    sqlite3 (2.4.1-aarch64-linux-musl)
    sqlite3 (2.4.1-arm-linux-gnu)
    sqlite3 (2.4.1-arm-linux-musl)
    sqlite3 (2.4.1-arm64-darwin)
    sqlite3 (2.4.1-x86-linux-gnu)
    sqlite3 (2.4.1-x86-linux-musl)
    sqlite3 (2.4.1-x86_64-darwin)
    sqlite3 (2.4.1-x86_64-linux-gnu)
    sqlite3 (2.4.1-x86_64-linux-musl)
    stringex (1.5.1)
    stringio (3.1.7)
    tilt (2.6.1)
    timecop (0.9.10)
    tzinfo (2.0.6)
      concurrent-ruby (~> 1.0)
    uuidtools (2.2.0)
    webmock (3.25.1)
      addressable (>= 2.8.0)
      crack (>= 0.3.2)
      hashdiff (>= 0.4.0, < 2.0.0)
    zeitwerk (2.7.3)

PLATFORMS
  aarch64-linux-gnu
  aarch64-linux-musl
  arm-linux-gnu
  arm-linux-musl
  arm64-darwin
  x86-linux-gnu
  x86-linux-musl
  x86_64-darwin
  x86_64-linux-gnu
  x86_64-linux-musl

DEPENDENCIES
  activesupport (~> 6.1)
  csv
  data_mapper (= 1.2.0)
  data_objects!
  database_cleaner-data_mapper
  debug
  dm-active_model!
  dm-aggregates!
  dm-constraints!
  dm-core!
  dm-do-adapter!
  dm-migrations!
  dm-observer
  dm-rspec
  dm-serializer!
  dm-sqlite-adapter!
  dm-transactions!
  dm-types!
  dm-validations
  do_sqlite3 (= 0.10.17)!
  dotenv
  factory_bot
  mutex_m
  puma
  rack-test
  rspec
  rspec-its
  sinatra (~> 3.2)
  sinatra-contrib (~> 3.2)
  sqlite3 (= 2.4.1)
  timecop
  webmock
  zeitwerk (~> 2.6)

RUBY VERSION
   ruby 3.3.0p0

BUNDLED WITH
   2.5.3
